GEM
  remote: https://rubygems.org/
  specs:
    addressable (2.3.5)
    backports (3.5.0)
    builder (3.2.2)
    crack (0.4.2)
      safe_yaml (~> 1.0.0)
    cucumber (1.3.10)
      builder (>= 2.1.2)
      diff-lcs (>= 1.1.3)
      gherkin (~> 2.12)
      multi_json (>= 1.7.5, < 2.0)
      multi_test (>= 0.0.2)
    diff-lcs (1.2.5)
    faraday (0.9.0)
      multipart-post (>= 1.2, < 3)
    gherkin (2.12.2)
      multi_json (~> 1.3)
    jwt (0.1.11)
      multi_json (>= 1.5)
    multi_json (1.8.4)
    multi_test (0.0.3)
    multi_xml (0.5.5)
    multipart-post (2.0.0)
    oauth2 (0.9.3)
      faraday (>= 0.8, < 0.10)
      jwt (~> 0.1.8)
      multi_json (~> 1.3)
      multi_xml (~> 0.5)
      rack (~> 1.2)
    rack (1.5.2)
    rack-protection (1.5.2)
      rack
    rack-test (0.6.2)
      rack (>= 1.0)
    rspec (2.14.1)
      rspec-core (~> 2.14.0)
      rspec-expectations (~> 2.14.0)
      rspec-mocks (~> 2.14.0)
    rspec-core (2.14.7)
    rspec-expectations (2.14.5)
      diff-lcs (>= 1.1.3, < 2.0)
    rspec-mocks (2.14.5)
    safe_yaml (1.0.1)
    shotgun (0.9)
      rack (>= 1.0)
    sinatra (1.4.4)
      rack (~> 1.4)
      rack-protection (~> 1.4)
      tilt (~> 1.3, >= 1.3.4)
    sinatra-contrib (1.4.2)
      backports (>= 2.0)
      multi_json
      rack-protection
      rack-test
      sinatra (~> 1.4.0)
      tilt (~> 1.3)
    tilt (1.4.1)
    webmock (1.17.2)
      addressable (>= 2.2.7)
      crack (>= 0.3.2)

PLATFORMS
  ruby

DEPENDENCIES
  cucumber
  oauth2
  rack-test
  rspec
  shotgun
  sinatra
  sinatra-contrib
  webmock
